GEM
  remote: https://rubygems.org/
  specs:
    byebug (11.1.3)
    elasticsearch (7.8.0)
      elasticsearch-api (= 7.8.0)
      elasticsearch-transport (= 7.8.0)
    elasticsearch-api (7.8.0)
      multi_json
    elasticsearch-transport (7.8.0)
      faraday (~> 1)
      multi_json
    faraday (1.0.1)
      multipart-post (>= 1.2, < 3)
    multi_json (1.15.0)
    multipart-post (2.1.1)
    parslet (2.0.0)

PLATFORMS
  ruby

DEPENDENCIES
  byebug
  elasticsearch
  parslet (~> 2.0)

BUNDLED WITH
   1.17.3
